PATH
  remote: /home/jadams/ruby/openplay
  specs:
    openplay (0.0.2)
      dnssd (~> 2.0)
      findme
      thor

GEM
  remote: http://rubygems.org/
  specs:
    atk (1.1.9)
      glib2 (>= 1.1.9)
    cairo (1.12.3)
      pkg-config
    celluloid (0.12.4)
      facter (>= 1.6.12)
      timers (>= 1.0.0)
    dnssd (2.0)
    facter (1.6.17)
    findme (0.0.5)
    gdk_pixbuf2 (1.1.9)
      glib2 (>= 1.1.9)
    glib2 (1.1.9)
      pkg-config
    green_shoes (1.1.367)
      gtk2
    gtk2 (1.1.9)
      atk (>= 1.1.9)
      gdk_pixbuf2 (>= 1.1.9)
      pango (>= 1.1.9)
    pango (1.1.9)
      cairo (>= 1.10.0)
      glib2 (>= 1.1.9)
    pkg-config (1.1.4)
    thor (0.16.0)
    timers (1.0.2)

PLATFORMS
  ruby

DEPENDENCIES
  celluloid
  green_shoes
  openplay!
